GIT
  remote: https://github.com/rranshous/streamworker.git
  revision: d0109f887f25c3b24f63cf8ed000aa19f76fcd09
  specs:
    streamworker (0.0.2)
      eventstore (~> 0.1.2)
      redis-namespace (~> 1.5.1)

GEM
  remote: http://rubygems.org/
  specs:
    coderay (1.1.0)
    cql-rb (2.0.4)
      ione (~> 1)
    curb (0.8.6)
    eventstore (0.1.3)
      cql-rb (~> 2.0)
      feedjira (~> 1.6)
      httparty (~> 0.13)
      persistent_httparty (~> 0.1)
    feedjira (1.6.0)
      curb (~> 0.8)
      loofah (~> 2.0)
      sax-machine (~> 1.0)
    gene_pool (1.4.1)
      thread_safe
    httparty (0.13.3)
      json (~> 1.8)
      multi_xml (>= 0.5.2)
    ione (1.2.0)
    json (1.8.2)
    loofah (2.0.1)
      nokogiri (>= 1.5.9)
    method_source (0.8.2)
    mini_portile (0.6.2)
    multi_xml (0.5.5)
    nokogiri (1.6.6.2)
      mini_portile (~> 0.6.0)
    persistent_http (1.0.6)
      gene_pool (>= 1.3)
    persistent_httparty (0.1.2)
      httparty (~> 0.9)
      persistent_http (< 2)
    pry (0.10.1)
      coderay (~> 1.1.0)
      method_source (~> 0.8.1)
      slop (~> 3.4)
    redis (3.2.1)
    redis-namespace (1.5.1)
      redis (~> 3.0, >= 3.0.4)
    sax-machine (1.3.0)
    slop (3.6.0)
    thread_safe (0.3.4)

PLATFORMS
  ruby

DEPENDENCIES
  eventstore (~> 0.1)
  feedjira (~> 1.6.0)
  httparty
  pry
  streamworker (~> 0.0.2)!
